GEM
  remote: https://rubygems.org/
  specs:
    connection_pool (2.2.5)
    rack (2.2.3.1)
    rack-protection (2.2.0)
      rack
    redis (4.5.1)
    sidekiq (5.2.10)
      connection_pool (~> 2.2, >= 2.2.2)
      rack (~> 2.0)
      rack-protection (>= 1.5.0)
      redis (~> 4.5, < 4.6.0)
    sidekiq-prometheus-exporter (0.1.12)
      sidekiq (>= 3.3.1)

PLATFORMS
  ruby

DEPENDENCIES
  sidekiq-prometheus-exporter (~> 0.1)

RUBY VERSION
   ruby 2.4.2p198

BUNDLED WITH
   1.17.3
